GEM
  remote: https://rubygems.org/
  specs:
    json (2.0.4)
    libxml-ruby (3.1.0)
    net-http-persistent (2.9.4)
    redcarpet (3.4.0)
    right_aws_api (0.3.5)
      right_cloud_api_base (>= 0.2.6)
    right_cloud_api_base (0.2.6)
      json (>= 1.0.0)
      libxml-ruby (>= 1.0.0)
      net-http-persistent (~> 2.9)
      redcarpet (>= 3.0.0)
      ruby-hmac (>= 0.4.0)
    ruby-hmac (0.4.0)

PLATFORMS
  ruby

DEPENDENCIES
  json (~> 2.0.3)
  right_aws_api (~> 0.3.5)

BUNDLED WITH
   1.16.2
